GEM
  remote: https://rubygems.org/
  specs:
    PriorityQueue (0.1.2)
    alsa-rawmidi (0.3.2)
      ffi (~> 1.0)
    diff-lcs (1.3)
    ffi (1.9.18)
    ffi (1.9.18-java)
    ffi-coremidi (0.4.1)
      ffi (~> 1.9, >= 1.9.6)
    gamelan (0.3)
      PriorityQueue (>= 0.1.2)
    gamelan (0.3-java)
    midi-eye (0.3.9)
      midi-message (~> 0.4, >= 0.4.4)
      midi-nibbler (~> 0.2, >= 0.2.2)
      unimidi (~> 0.4, >= 0.4.6)
    midi-jruby (0.1.6)
    midi-message (0.4.9)
    midi-nibbler (0.2.4)
      midi-message (~> 0.4, >= 0.4.4)
    midi-topaz (0.2.5)
      gamelan (~> 0, >= 0.3)
      midi-eye (~> 0.3, >= 0.3.7)
      midi-message (~> 0.4, >= 0.4.4)
      unimidi (~> 0.4, >= 0.4.6)
    midi-winmm (0.1.10)
      ffi (>= 1.0)
    rspec (3.6.0)
      rspec-core (~> 3.6.0)
      rspec-expectations (~> 3.6.0)
      rspec-mocks (~> 3.6.0)
    rspec-core (3.6.0)
      rspec-support (~> 3.6.0)
    rspec-expectations (3.6.0)
      diff-lcs (>= 1.2.0, < 2.0)
      rspec-support (~> 3.6.0)
    rspec-mocks (3.6.0)
      diff-lcs (>= 1.2.0, < 2.0)
      rspec-support (~> 3.6.0)
    rspec-support (3.6.0)
    unimidi (0.4.7)
      alsa-rawmidi (~> 0.3, >= 0.3.1)
      ffi-coremidi (~> 0.3, >= 0.3.5)
      midi-jruby (~> 0.1, >= 0.1.4)
      midi-winmm (~> 0.1, >= 0.1.10)

PLATFORMS
  java
  ruby

DEPENDENCIES
  midi-message (= 0.4.9)
  midi-topaz (= 0.2.5)
  rspec (~> 3.0)
  unimidi (= 0.4.7)

BUNDLED WITH
   1.15.1
